GIT
  remote: git://github.com/chadoh/nesta.git
  revision: 61adeee37b1b7c0a6910927a1d3b70c4a86552f0
  specs:
    nesta (0.9.11)
      RedCloth (~> 4.2)
      haml (~> 3.1)
      rack (~> 1.1)
      rdiscount (~> 1.6)
      sass (~> 3.1)
      shotgun (>= 0.8)
      sinatra (~> 1.3)

GEM
  remote: http://rubygems.org/
  specs:
    RedCloth (4.2.9)
    chunky_png (1.2.5)
    compass (0.11.7)
      chunky_png (~> 1.2)
      fssm (>= 0.2.7)
      sass (~> 3.1)
    fssm (0.2.8.1)
    haml (3.1.4)
    rack (1.4.1)
    rack-protection (1.2.0)
      rack
    rdiscount (1.6.8)
    sass (3.1.15)
    shotgun (0.9)
      rack (>= 1.0)
    sinatra (1.3.2)
      rack (~> 1.3, >= 1.3.6)
      rack-protection (~> 1.2)
      tilt (~> 1.3, >= 1.3.3)
    tilt (1.3.3)

PLATFORMS
  ruby

DEPENDENCIES
  compass
  nesta!
